GEM
  remote: http://rubygems.org/
  specs:
    camping (2.1.532)
      mab (>= 0.0.3)
      rack (>= 1.0)
    mab (0.0.3)
    rack (1.5.2)

PLATFORMS
  ruby
  x86-mingw32

DEPENDENCIES
  camping
